GEM
  remote: https://rubygems.org/
  specs:
    chunky_png (1.4.0)
    gosu (1.4.3)

PLATFORMS
  x86_64-linux

DEPENDENCIES
  chunky_png
  gosu

BUNDLED WITH
   2.3.22
